PATH
  remote: .
  specs:
    pattern_query_helper (0.1.1)
      activerecord (~> 5.0)
      kaminari

GEM
  remote: https://rubygems.org/
  specs:
    actionview (5.0.7)
      activesupport (= 5.0.7)
      builder (~> 3.1)
      erubis (~> 2.7.0)
      rails-dom-testing (~> 2.0)
      rails-html-sanitizer (~> 1.0, >= 1.0.3)
    activemodel (5.0.7)
      activesupport (= 5.0.7)
    activerecord (5.0.7)
      activemodel (= 5.0.7)
      activesupport (= 5.0.7)
      arel (~> 7.0)
    activesupport (5.0.7)
      concurrent-ruby (~> 1.0, >= 1.0.2)
      i18n (>= 0.7, < 2)
      minitest (~> 5.1)
      tzinfo (~> 1.1)
    arel (7.1.4)
    builder (3.2.3)
    concurrent-ruby (1.1.3)
    crass (1.0.4)
    diff-lcs (1.3)
    erubis (2.7.0)
    faker (1.8.4)
      i18n (~> 0.5)
    i18n (0.9.3)
      concurrent-ruby (~> 1.0)
    kaminari (1.1.0)
      activesupport (>= 4.1.0)
      kaminari-actionview (= 1.1.0)
      kaminari-activerecord (= 1.1.0)
      kaminari-core (= 1.1.0)
    kaminari-actionview (1.1.0)
      actionview
      kaminari-core (= 1.1.0)
    kaminari-activerecord (1.1.0)
      activerecord
      kaminari-core (= 1.1.0)
    kaminari-core (1.1.0)
    loofah (2.2.3)
      crass (~> 1.0.2)
      nokogiri (>= 1.5.9)
    mini_portile2 (2.3.0)
    minitest (5.11.3)
    nokogiri (1.8.5)
      mini_portile2 (~> 2.3.0)
    rails-dom-testing (2.0.3)
      activesupport (>= 4.2.0)
      nokogiri (>= 1.6)
    rails-html-sanitizer (1.0.4)
      loofah (~> 2.2, >= 2.2.2)
    rake (10.5.0)
    rspec (3.8.0)
      rspec-core (~> 3.8.0)
      rspec-expectations (~> 3.8.0)
      rspec-mocks (~> 3.8.0)
    rspec-core (3.8.0)
      rspec-support (~> 3.8.0)
    rspec-expectations (3.8.2)
      diff-lcs (>= 1.2.0, < 2.0)
      rspec-support (~> 3.8.0)
    rspec-mocks (3.8.0)
      diff-lcs (>= 1.2.0, < 2.0)
      rspec-support (~> 3.8.0)
    rspec-support (3.8.0)
    sqlite3 (1.3.13)
    thread_safe (0.3.6)
    tzinfo (1.2.5)
      thread_safe (~> 0.1)

PLATFORMS
  ruby

DEPENDENCIES
  bundler (~> 1.16)
  faker
  pattern_query_helper!
  rake (~> 10.0)
  rspec (~> 3.0)
  sqlite3

BUNDLED WITH
   1.16.6
